GEM
  remote: http://rubygems.org/
  specs:
    addressable (2.3.5)
    atomic (1.1.14)
    buftok (0.2.0)
    configatron (2.13.0)
      yamler (>= 0.1.0)
    descendants_tracker (0.0.3)
    equalizer (0.0.8)
    faraday (0.8.8)
      multipart-post (~> 1.2.0)
    http (0.5.0)
      http_parser.rb
    http_parser.rb (0.5.3)
    json (1.8.1)
    memoizable (0.2.0)
      thread_safe (~> 0.1.3)
    multipart-post (1.2.0)
    oauth (0.4.7)
    rmeetup (1.0.0)
    simple_oauth (0.2.0)
    sqlite3 (1.3.8)
    thread_safe (0.1.3)
      atomic
    twitter (5.1.1)
      addressable (~> 2.3)
      buftok (~> 0.2.0)
      descendants_tracker (~> 0.0.1)
      equalizer (~> 0.0.7)
      faraday (>= 0.8, < 0.10)
      http (~> 0.5.0)
      http_parser.rb (~> 0.5.0)
      json (~> 1.8)
      memoizable (~> 0.2.0)
      simple_oauth (~> 0.2.0)
    yamler (0.1.0)

PLATFORMS
  ruby

DEPENDENCIES
  configatron (~> 2.13.0)
  json (~> 1.8.1)
  oauth (~> 0.4.7)
  rmeetup (~> 1.0.0)
  sqlite3 (~> 1.3.8)
  twitter (~> 5.1.1)
