GIT
  remote: https://github.com/rcugut/rmeetup.git
  revision: 3e44698920813a3471e1b8058218035ec30f03b7
  specs:
    rmeetup (1.0.0)

GEM
  remote: http://rubygems.org/
  specs:
    activesupport (3.2.3)
      i18n (~> 0.6)
      multi_json (~> 1.0)
    addressable (2.2.7)
    faraday (0.7.6)
      addressable (~> 2.2)
      multipart-post (~> 1.1)
      rack (~> 1.1)
    i18n (0.6.0)
    json (1.6.5)
    multi_json (1.2.0)
    multipart-post (1.1.5)
    rack (1.4.1)
    simple_oauth (0.1.5)
    sqlite3 (1.3.4)
    twitter (2.2.0)
      activesupport (>= 2.3.9, < 4)
      faraday (~> 0.7)
      multi_json (~> 1.0)
      simple_oauth (~> 0.1)

PLATFORMS
  ruby

DEPENDENCIES
  json
  rmeetup!
  sqlite3
  twitter
