GEM
  remote: http://rubygems.org/
  specs:
    addressable (2.3.8)
    buftok (0.2.0)
    configatron (2.13.0)
      yamler (>= 0.1.0)
    equalizer (0.0.11)
    faraday (0.9.1)
      multipart-post (>= 1.2, < 3)
    http (0.6.4)
      http_parser.rb (~> 0.6.0)
    http_parser.rb (0.6.0)
    json (1.8.2)
    memoizable (0.4.2)
      thread_safe (~> 0.3, >= 0.3.1)
    multipart-post (2.0.0)
    naught (1.0.0)
    oauth (0.4.7)
    rmeetup (1.0.0)
    simple_oauth (0.3.1)
    sqlite3 (1.3.10)
    thread_safe (0.3.5)
    twitter (5.14.0)
      addressable (~> 2.3)
      buftok (~> 0.2.0)
      equalizer (~> 0.0.9)
      faraday (~> 0.9.0)
      http (~> 0.6.0)
      http_parser.rb (~> 0.6.0)
      json (~> 1.8)
      memoizable (~> 0.4.0)
      naught (~> 1.0)
      simple_oauth (~> 0.3.0)
    yamler (0.1.0)

PLATFORMS
  ruby

DEPENDENCIES
  configatron (~> 2.13.0)
  oauth (~> 0.4.7)
  rmeetup (~> 1.0.0)
  sqlite3 (~> 1.3.8)
  twitter (~> 5.14.0)
